PATH
  remote: .
  specs:
    circleci-bundle-update-pr (1.8.2)
      compare_linker
      octokit

GEM
  remote: https://rubygems.org/
  specs:
    addressable (2.5.2)
      public_suffix (>= 2.0.2, < 4.0)
    compare_linker (1.3.8)
      httpclient
      octokit
    faraday (0.14.0)
      multipart-post (>= 1.2, < 3)
    httpclient (2.8.3)
    multipart-post (2.0.0)
    octokit (4.8.0)
      sawyer (~> 0.8.0, >= 0.5.3)
    public_suffix (3.0.1)
    rake (12.3.0)
    sawyer (0.8.1)
      addressable (>= 2.3.5, < 2.6)
      faraday (~> 0.8, < 1.0)

PLATFORMS
  ruby
  x86_64-darwin-16

DEPENDENCIES
  bundler
  circleci-bundle-update-pr!
  rake

BUNDLED WITH
   1.16.1
